PATH
  remote: .
  specs:
    chars_count (0.1.1)

GEM
  remote: https://rubygems.org/
  specs:
    rake (13.0.1)

PLATFORMS
  ruby

DEPENDENCIES
  bundler (~> 1.17)
  chars_count!
  rake (~> 13.0)

BUNDLED WITH
   1.17.2
