PATH
  remote: .
  specs:
    chars_count (0.1.0)

GEM
  remote: https://rubygems.org/
  specs:
    byebug (11.1.1)
    rake (10.5.0)

PLATFORMS
  ruby

DEPENDENCIES
  bundler (~> 1.17)
  byebug
  chars_count!
  rake (~> 10.0)

BUNDLED WITH
   1.17.2
